GEM
  remote: https://rubygems.org/
  specs:
    amazing_print (1.6.0)
    byebug (11.1.3)
    coderay (1.1.3)
    colorize (1.1.0)
    curses (1.4.6)
    diff-lcs (1.5.1)
    e2mmap (0.1.0)
    faraday (2.9.2)
      faraday-net_http (>= 2.0, < 3.2)
    faraday-net_http (3.1.0)
      net-http
    gli (2.21.1)
    method_source (1.1.0)
    net-http (0.4.1)
      uri
    pry (0.14.2)
      coderay (~> 1.1)
      method_source (~> 1.0)
    pry-byebug (3.10.1)
      byebug (~> 11.0)
      pry (>= 0.13, < 0.15)
    recursive-open-struct (1.2.2)
    rexml (3.3.1)
      strscan
    rspec (3.13.0)
      rspec-core (~> 3.13.0)
      rspec-expectations (~> 3.13.0)
      rspec-mocks (~> 3.13.0)
    rspec-core (3.13.0)
      rspec-support (~> 3.13.0)
    rspec-expectations (3.13.1)
      diff-lcs (>= 1.2.0, < 2.0)
      rspec-support (~> 3.13.0)
    rspec-mocks (3.13.1)
      diff-lcs (>= 1.2.0, < 2.0)
      rspec-support (~> 3.13.0)
    rspec-support (3.13.1)
    ruby-dbus (0.23.1)
      rexml
    strscan (3.1.0)
    terminal-table (3.0.2)
      unicode-display_width (>= 1.1.1, < 3)
    thwait (0.2.0)
      e2mmap
    unicode-display_width (2.5.0)
    uri (0.13.0)

PLATFORMS
  x86_64-linux

DEPENDENCIES
  amazing_print (~> 1.6)
  colorize (~> 1.1)
  curses (~> 1.4)
  faraday (~> 2.9)
  gli (~> 2.21)
  pry-byebug (~> 3.10)
  recursive-open-struct (~> 1.2)
  rspec (~> 3.13)
  ruby-dbus (~> 0.23.1)
  terminal-table (~> 3.0)
  thwait (~> 0.2.0)

BUNDLED WITH
   2.3.26
